GEM
  remote: http://rubygems.org/
  specs:
    diff-lcs (1.1.3)
    faraday (0.8.4)
      multipart-post (~> 1.1)
    multi_json (1.5.0)
    multipart-post (1.1.5)
    rspec (2.12.0)
      rspec-core (~> 2.12.0)
      rspec-expectations (~> 2.12.0)
      rspec-mocks (~> 2.12.0)
    rspec-core (2.12.2)
    rspec-expectations (2.12.1)
      diff-lcs (~> 1.1.3)
    rspec-mocks (2.12.2)
    simple_oauth (0.2.0)
    twitter (4.5.0)
      faraday (~> 0.8, < 0.10)
      multi_json (~> 1.0)
      simple_oauth (~> 0.2)

PLATFORMS
  ruby

DEPENDENCIES
  rspec
  twitter
